GEM
  remote: https://rubygems.org/
  specs:
    concurrent-ruby (1.0.5)
    ebnf (1.1.1)
      rdf (~> 2.2)
      sxp (~> 1.0)
    hamster (3.0.0)
      concurrent-ruby (~> 1.0)
    json-ld (2.1.7)
      multi_json (~> 1.12)
      rdf (~> 2.2, >= 2.2.8)
    link_header (0.0.8)
    multi_json (1.12.2)
    rdf (2.2.12)
      hamster (~> 3.0)
      link_header (~> 0.0, >= 0.0.8)
    rdf-reasoner (0.4.3)
      rdf (~> 2.2, >= 2.2.8)
      rdf-vocab (~> 2.2)
      rdf-xsd (~> 2.1)
    rdf-turtle (2.2.1)
      ebnf (~> 1.1)
      rdf (~> 2.2)
    rdf-vocab (2.2.8)
      rdf (~> 2.2)
    rdf-xsd (2.2.0)
      rdf (~> 2.1)
    sxp (1.0.0)
      rdf (~> 2.0)

PLATFORMS
  ruby

DEPENDENCIES
  json-ld
  rdf-reasoner
  rdf-turtle

BUNDLED WITH
   1.16.0
